PATH
  remote: .
  specs:
    rocks (0.0.4)
      sass (>= 3.1)

GEM
  remote: http://rubygems.org/
  specs:
    sass (3.1.19)

PLATFORMS
  ruby

DEPENDENCIES
  rocks!
